GEM
  remote: https://rubygems.org/
  specs:
    actionmailer (4.2.1)
      actionpack (= 4.2.1)
      actionview (= 4.2.1)
      activejob (= 4.2.1)
      mail (~> 2.5, >= 2.5.4)
      rails-dom-testing (~> 1.0, >= 1.0.5)
    actionpack (4.2.1)
      actionview (= 4.2.1)
      activesupport (= 4.2.1)
      rack (~> 1.6)
      rack-test (~> 0.6.2)
      rails-dom-testing (~> 1.0, >= 1.0.5)
      rails-html-sanitizer (~> 1.0, >= 1.0.1)
    actionview (4.2.1)
      activesupport (= 4.2.1)
      builder (~> 3.1)
      erubis (~> 2.7.0)
      rails-dom-testing (~> 1.0, >= 1.0.5)
      rails-html-sanitizer (~> 1.0, >= 1.0.1)
    active-fedora (9.1.2)
      active-triples (~> 0.6.0)
      activesupport (>= 4.1.0)
      deprecation
      ldp (~> 0.3.0)
      linkeddata
      nom-xml (>= 0.5.1)
      om (~> 3.1)
      rdf-rdfxml (~> 1.1.0)
      rsolr (~> 1.0.10)
    active-triples (0.6.1)
      activemodel (>= 3.0.0)
      activesupport (>= 3.0.0)
      deprecation (~> 0.1)
      linkeddata (~> 1.1)
      rdf (~> 1.1)
    activejob (4.2.1)
      activesupport (= 4.2.1)
      globalid (>= 0.3.0)
    activemodel (4.2.1)
      activesupport (= 4.2.1)
      builder (~> 3.1)
    activerecord (4.2.1)
      activemodel (= 4.2.1)
      activesupport (= 4.2.1)
      arel (~> 6.0)
    activesupport (4.2.1)
      i18n (~> 0.7)
      json (~> 1.7, >= 1.7.7)
      minitest (~> 5.1)
      thread_safe (~> 0.3, >= 0.3.4)
      tzinfo (~> 1.1)
    addressable (2.3.8)
    amq-protocol (1.9.2)
    arel (6.0.0)
    autoprefixer-rails (5.1.11)
      execjs
      json
    bcp47 (0.3.3)
      i18n
    bcrypt (3.1.10)
    better_errors (2.1.1)
      coderay (>= 1.0.0)
      erubis (>= 2.6.6)
      rack (>= 0.9.0)
    binding_of_caller (0.7.2)
      debug_inspector (>= 0.0.1)
    blacklight (5.13.1)
      bootstrap-sass (~> 3.2)
      deprecation
      kaminari (>= 0.15)
      nokogiri (~> 1.6)
      rails (>= 3.2.6, < 5)
      rsolr (~> 1.0.11)
    bootstrap-sass (3.3.4.1)
      autoprefixer-rails (>= 5.0.0.1)
      sass (>= 3.2.19)
    builder (3.2.2)
    bunny (1.7.0)
      amq-protocol (>= 1.9.2)
    byebug (4.0.5)
      columnize (= 0.9.0)
    cancancan (1.10.1)
    capybara (2.4.4)
      mime-types (>= 1.16)
      nokogiri (>= 1.3.3)
      rack (>= 1.0.0)
      rack-test (>= 0.5.4)
      xpath (~> 2.0)
    childprocess (0.5.6)
      ffi (~> 1.0, >= 1.0.11)
    coderay (1.1.0)
    coffee-rails (4.0.1)
      coffee-script (>= 2.2.0)
      railties (>= 4.0.0, < 5.0)
    coffee-script (2.4.1)
      coffee-script-source
      execjs
    coffee-script-source (1.9.1.1)
    columnize (0.9.0)
    cucumber (1.3.19)
      builder (>= 2.1.2)
      diff-lcs (>= 1.1.3)
      gherkin (~> 2.12)
      multi_json (>= 1.7.5, < 2.0)
      multi_test (>= 0.1.2)
    cucumber-rails (1.4.2)
      capybara (>= 1.1.2, < 3)
      cucumber (>= 1.3.8, < 2)
      mime-types (>= 1.16, < 3)
      nokogiri (~> 1.5)
      rails (>= 3, < 5)
    daemons (1.2.2)
    debug_inspector (0.0.2)
    deprecation (0.2.2)
      activesupport
    devise (3.4.1)
      bcrypt (~> 3.0)
      orm_adapter (~> 0.1)
      railties (>= 3.2.6, < 5)
      responders
      thread_safe (~> 0.1)
      warden (~> 1.2.3)
    devise-guests (0.3.3)
      devise
    devise_ldap_authenticatable (0.8.4)
      devise (>= 3.4.1)
      net-ldap (>= 0.3.1, < 0.6.0)
    diff-lcs (1.2.5)
    docile (1.1.5)
    ebnf (0.3.9)
      rdf (~> 1.1)
      sxp (~> 0.1, >= 0.1.3)
    edtf (2.2.0)
      activesupport (>= 3.0, < 5.0)
    equivalent-xml (0.6.0)
      nokogiri (>= 1.4.3)
    erubis (2.7.0)
    eventmachine (1.0.7)
    execjs (2.5.2)
    factory_girl (4.5.0)
      activesupport (>= 3.0.0)
    factory_girl_rails (4.5.0)
      factory_girl (~> 4.5.0)
      railties (>= 3.0.0)
    fakeredis (0.5.0)
      redis (~> 3.0)
    faraday (0.9.1)
      multipart-post (>= 1.2, < 3)
    ffi (1.9.8)
    filesize (0.1.1)
    full-name-splitter (0.1.2)
    gherkin (2.12.2)
      multi_json (~> 1.3)
    globalid (0.3.5)
      activesupport (>= 4.1.0)
    haml (4.0.6)
      tilt
    hike (1.2.3)
    hiredis (0.6.0)
    htmlentities (4.3.3)
    http_logger (0.5.1)
    httparty (0.13.3)
      json (~> 1.8)
      multi_xml (>= 0.5.2)
    hydra (9.1.0.rc1)
      active-fedora (~> 9.1.1)
      active-triples (~> 0.6.0)
      blacklight (~> 5.13.1)
      hydra-head (~> 9.1.4)
      jettywrapper (~> 2.0.0)
      ldp (~> 0.3.0)
      nokogiri (~> 1.6.5)
      nom-xml (~> 0.5.1)
      om (~> 3.1.0)
      rails (~> 4.1)
      rsolr (~> 1.0.10)
      solrizer (~> 3.3.0)
    hydra-access-controls (9.1.4)
      active-fedora (~> 9.0)
      activesupport (~> 4.0)
      blacklight (~> 5.10)
      cancancan (~> 1.8)
      deprecation (~> 0.1)
      sass-rails
    hydra-core (9.1.4)
      hydra-access-controls (= 9.1.4)
      jettywrapper (>= 2.0.0)
      rails (~> 4.0)
    hydra-file_characterization (0.3.1)
      activesupport (>= 3.0.0)
    hydra-head (9.1.4)
      hydra-access-controls (= 9.1.4)
      hydra-core (= 9.1.4)
      rails (>= 3.2.6)
    i18n (0.7.0)
    isbn_validation (1.2.2)
      activerecord (>= 3)
    jbuilder (2.2.13)
      activesupport (>= 3.0.0, < 5)
      multi_json (~> 1.2)
    jettywrapper (2.0.3)
      activesupport (>= 3.0.0)
      childprocess
      i18n
      logger
      rubyzip
    jquery-rails (4.0.3)
      rails-dom-testing (~> 1.0)
      railties (>= 4.2.0)
      thor (>= 0.14, < 2.0)
    jquery-ui-rails (5.0.5)
      railties (>= 3.2.16)
    jquery-validation-rails (1.13.1)
      railties (>= 3.2, < 5.0)
      thor (~> 0.14)
    json (1.8.2)
    json-ld (1.1.8)
      rdf (~> 1.1, >= 1.1.7)
    kaminari (0.16.3)
      actionpack (>= 3.0.0)
      activesupport (>= 3.0.0)
    launchy (2.4.3)
      addressable (~> 2.3)
    ldp (0.3.1)
      faraday
      http_logger
      linkeddata (>= 1.1)
      slop
    libv8 (3.16.14.7)
    link_header (0.0.8)
    linkeddata (1.1.11)
      equivalent-xml (~> 0.5)
      json-ld (~> 1.1, >= 1.1.8)
      nokogiri (~> 1.6)
      rdf (~> 1.1, >= 1.1.11)
      rdf-aggregate-repo (~> 1.1)
      rdf-isomorphic (~> 1.1)
      rdf-json (~> 1.1, >= 1.1.2)
      rdf-microdata (~> 2.0, >= 2.0.1)
      rdf-n3 (~> 1.1, >= 1.1.3)
      rdf-rdfa (~> 1.1, >= 1.1.6)
      rdf-rdfxml (~> 1.1, >= 1.1.4)
      rdf-reasoner (~> 0.2, >= 0.2.1)
      rdf-tabular (~> 0.1, >= 0.1.2)
      rdf-trig (~> 1.1, >= 1.1.4)
      rdf-trix (~> 1.1)
      rdf-turtle (~> 1.1, >= 1.1.6)
      rdf-vocab (~> 0.8)
      rdf-xsd (~> 1.1, >= 1.1.3)
      sparql (~> 1.1, >= 1.1.5)
      sparql-client (~> 1.1, >= 1.1.3)
    log4r (1.1.10)
    logger (1.2.8)
    lograge (0.3.2)
      actionpack (>= 3)
      activesupport (>= 3)
      railties (>= 3)
    loofah (2.0.2)
      nokogiri (>= 1.5.9)
    macaddr (1.7.1)
      systemu (~> 2.6.2)
    mail (2.6.3)
      mime-types (>= 1.16, < 3)
    mime-types (2.5)
    mini_portile (0.6.2)
    minitest (5.6.1)
    mono_logger (1.1.0)
    msgpack (0.5.11)
    multi_json (1.11.0)
    multi_test (0.1.2)
    multi_xml (0.5.5)
    multipart-post (2.0.0)
    net-http-persistent (2.9.4)
    net-ldap (0.5.1)
    nido (0.0.1)
    nokogiri (1.6.6.2)
      mini_portile (~> 0.6.0)
    nom-xml (0.5.2)
      activesupport (>= 3.2.18)
      i18n
      nokogiri
    ohm (2.2.0)
      msgpack
      nido
      redic
      stal
    om (3.1.0)
      activemodel
      activesupport
      nokogiri (>= 1.4.2)
      solrizer (~> 3.3)
    orm_adapter (0.5.0)
    quiet_assets (1.1.0)
      railties (>= 3.1, < 5.0)
    rack (1.6.1)
    rack-protection (1.5.3)
      rack
    rack-test (0.6.3)
      rack (>= 1.0)
    rails (4.2.1)
      actionmailer (= 4.2.1)
      actionpack (= 4.2.1)
      actionview (= 4.2.1)
      activejob (= 4.2.1)
      activemodel (= 4.2.1)
      activerecord (= 4.2.1)
      activesupport (= 4.2.1)
      bundler (>= 1.3.0, < 2.0)
      railties (= 4.2.1)
      sprockets-rails
    rails-deprecated_sanitizer (1.0.3)
      activesupport (>= 4.2.0.alpha)
    rails-dom-testing (1.0.6)
      activesupport (>= 4.2.0.beta, < 5.0)
      nokogiri (~> 1.6.0)
      rails-deprecated_sanitizer (>= 1.0.1)
    rails-html-sanitizer (1.0.2)
      loofah (~> 2.0)
    railties (4.2.1)
      actionpack (= 4.2.1)
      activesupport (= 4.2.1)
      rake (>= 0.8.7)
      thor (>= 0.18.1, < 2.0)
    rake (10.4.2)
    rdf (1.1.14)
      link_header (~> 0.0, >= 0.0.8)
    rdf-aggregate-repo (1.1.0)
      rdf (>= 1.1)
    rdf-isomorphic (1.1.0)
      rdf (>= 1.1)
    rdf-json (1.1.2)
      rdf (~> 1.1)
    rdf-microdata (2.0.1)
      htmlentities (~> 4.3)
      nokogiri (~> 1.6)
      rdf (~> 1.1)
      rdf-xsd (~> 1.1)
    rdf-n3 (1.1.3)
      rdf (~> 1.1, >= 1.1.5)
    rdf-rdfa (1.1.6)
      haml (~> 4.0)
      htmlentities (~> 4.3)
      rdf (~> 1.1, >= 1.1.6)
      rdf-aggregate-repo (~> 1.1)
      rdf-xsd (~> 1.1)
    rdf-rdfxml (1.1.4)
      htmlentities (~> 4.3)
      rdf (~> 1.1, >= 1.1.6)
      rdf-rdfa (~> 1.1, >= 1.1.4.1)
      rdf-xsd (~> 1.1)
    rdf-reasoner (0.2.2)
      rdf (~> 1.1, >= 1.1.4.2)
      rdf-turtle (~> 1.1)
      rdf-vocab (~> 0.8)
      rdf-xsd (~> 1.1)
    rdf-tabular (0.1.3.1)
      addressable (~> 2.3)
      bcp47 (~> 0.3, >= 0.3.3)
      json-ld (~> 1.1)
      rdf (~> 1.1, >= 1.1.7)
      rdf-xsd (~> 1.1)
    rdf-trig (1.1.4)
      ebnf (~> 0.3, >= 0.3.7)
      rdf (~> 1.1, >= 1.1.11)
      rdf-turtle (~> 1.1, >= 1.1.6)
    rdf-trix (1.1.0)
      rdf (>= 1.1)
    rdf-turtle (1.1.7)
      ebnf (~> 0.3, >= 0.3.6)
      rdf (~> 1.1, >= 1.1.10)
    rdf-vocab (0.8.3)
      rdf (~> 1.1, >= 1.1.10)
    rdf-xsd (1.1.3)
      rdf (~> 1.1, >= 1.1.9)
    rdoc (4.2.0)
      json (~> 1.4)
    redic (1.5.0)
      hiredis
    redis (3.2.1)
    redis-namespace (1.5.2)
      redis (~> 3.0, >= 3.0.4)
    ref (1.0.5)
    responders (2.1.0)
      railties (>= 4.2.0, < 5)
    resque (1.25.2)
      mono_logger (~> 1.0)
      multi_json (~> 1.0)
      redis-namespace (~> 1.3)
      sinatra (>= 0.9.2)
      vegas (~> 0.1.2)
    resque-scheduler (4.0.0)
      mono_logger (~> 1.0)
      redis (~> 3.0)
      resque (~> 1.25)
      rufus-scheduler (~> 3.0)
    rouge (1.8.0)
    rsolr (1.0.12)
      builder (>= 2.1.2)
    rspec-core (3.2.3)
      rspec-support (~> 3.2.0)
    rspec-expectations (3.2.1)
      diff-lcs (>= 1.2.0, < 2.0)
      rspec-support (~> 3.2.0)
    rspec-mocks (3.2.1)
      diff-lcs (>= 1.2.0, < 2.0)
      rspec-support (~> 3.2.0)
    rspec-rails (3.2.1)
      actionpack (>= 3.0, < 4.3)
      activesupport (>= 3.0, < 4.3)
      railties (>= 3.0, < 4.3)
      rspec-core (~> 3.2.0)
      rspec-expectations (~> 3.2.0)
      rspec-mocks (~> 3.2.0)
      rspec-support (~> 3.2.0)
    rspec-support (3.2.2)
    rubyzip (1.1.7)
    rufus-scheduler (3.1.3)
    sass (3.2.19)
    sass-rails (4.0.5)
      railties (>= 4.0.0, < 5.0)
      sass (~> 3.2.2)
      sprockets (~> 2.8, < 3.0)
      sprockets-rails (~> 2.0)
    sdoc (0.4.1)
      json (~> 1.7, >= 1.7.7)
      rdoc (~> 4.0)
    simple_form (3.1.0)
      actionpack (~> 4.0)
      activemodel (~> 4.0)
    simplecov (0.10.0)
      docile (~> 1.1.0)
      json (~> 1.8)
      simplecov-html (~> 0.10.0)
    simplecov-html (0.10.0)
    sinatra (1.4.6)
      rack (~> 1.4)
      rack-protection (~> 1.4)
      tilt (>= 1.3, < 3)
    slop (4.1.0)
    solrizer (3.3.0)
      activesupport
      daemons
      nokogiri
      stomp
      xml-simple
    sparql (1.1.7)
      builder (~> 3.2)
      ebnf (~> 0.3, >= 0.3.9)
      rdf (~> 1.1, >= 1.1.13)
      rdf-aggregate-repo (~> 1.1, >= 1.1.0)
      rdf-xsd (~> 1.1)
      sparql-client (~> 1.1)
      sxp (~> 0.1)
    sparql-client (1.1.5)
      net-http-persistent (~> 2.9)
      rdf (~> 1.1)
    sprockets (2.12.3)
      hike (~> 1.2)
      multi_json (~> 1.0)
      rack (~> 1.0)
      tilt (~> 1.1, != 1.3.0)
    sprockets-rails (2.3.1)
      actionpack (>= 3.0)
      activesupport (>= 3.0)
      sprockets (>= 2.8, < 4.0)
    sqlite3 (1.3.10)
    stal (0.1.0)
      redic
    stomp (1.3.4)
    sxp (0.1.5)
    systemu (2.6.5)
    therubyracer (0.12.2)
      libv8 (~> 3.16.14.0)
      ref
    thin (1.6.3)
      daemons (~> 1.0, >= 1.0.9)
      eventmachine (~> 1.0)
      rack (~> 1.0)
    thor (0.19.1)
    thread_safe (0.3.5)
    tilt (1.4.1)
    tzinfo (1.2.2)
      thread_safe (~> 0.1)
    tzinfo-data (1.2015.4)
      tzinfo (>= 1.0.0)
    uglifier (2.7.1)
      execjs (>= 0.3.0)
      json (>= 1.8.0)
    uuid (2.3.7)
      macaddr (~> 1.0)
    vegas (0.1.11)
      rack (>= 1.0.0)
    warden (1.2.3)
      rack (>= 1.0)
    xml-simple (1.1.5)
    xpath (2.0.0)
      nokogiri (~> 1.3)

PLATFORMS
  ruby

DEPENDENCIES
  active-fedora (>= 9.1.2)
  amq-protocol (>= 1.9.2)
  better_errors
  binding_of_caller
  bunny (>= 1.7.0)
  byebug
  coffee-rails (~> 4.0.0)
  cucumber-rails
  devise
  devise-guests (~> 0.3)
  devise_ldap_authenticatable
  edtf
  factory_girl_rails
  fakeredis
  filesize (>= 0.1.1)
  full-name-splitter
  httparty
  hydra (>= 9.1.0.rc1)
  hydra-file_characterization (~> 0.3.1)
  isbn_validation
  jbuilder (~> 2.0)
  jettywrapper (~> 2.0.0)
  jquery-rails
  jquery-ui-rails
  jquery-validation-rails
  launchy
  linkeddata
  log4r (= 1.1.10)
  lograge
  ohm
  quiet_assets
  rails (>= 4.1.6)
  rdf-vocab (>= 0.6.0)
  resque
  resque-scheduler
  rouge
  rsolr
  rspec-rails
  sass-rails (~> 4.0.3)
  sdoc (~> 0.4.0)
  simple_form
  simplecov
  sqlite3
  therubyracer
  thin
  tzinfo-data
  uglifier (>= 1.3.0)
  uuid
